GEM
  remote: https://rubygems.org/
  specs:
    addressable (2.8.1)
      public_suffix (>= 2.0.2, < 6.0)
    capybara (3.38.0)
      addressable
      matrix
      mini_mime (>= 0.1.3)
      nokogiri (~> 1.8)
      rack (>= 1.6.0)
      rack-test (>= 0.6.3)
      regexp_parser (>= 1.5, < 3.0)
      xpath (~> 3.2)
    docile (1.4.0)
    erubi (1.11.0)
    ffi (1.15.5)
    matrix (0.4.2)
    mini_mime (1.1.2)
    minitest (5.16.3)
    minitest-global_expectations (1.0.1)
      minitest (> 5)
    minitest-hooks (1.5.0)
      minitest (> 5.3)
    nokogiri (1.13.9-x86_64-darwin)
      racc (~> 1.4)
    public_suffix (5.0.0)
    racc (1.6.0)
    rack (3.0.1)
    rack-test (2.0.2)
      rack (>= 1.3)
    rack-unreloader (2.0.0)
    rake (13.0.6)
    refrigerator (1.4.1)
    regexp_parser (2.6.1)
    roda (3.62.0)
      rack
    sassc (2.4.0)
      ffi (~> 1.9)
    sequel (5.62.0)
    sequel-annotate (1.7.0)
      sequel (>= 4)
    simplecov (0.21.2)
      docile (~> 1.1)
      simplecov-html (~> 0.11)
      simplecov_json_formatter (~> 0.1)
    simplecov-html (0.12.3)
    simplecov_json_formatter (0.1.4)
    tilt (2.0.11)
    xpath (3.2.0)
      nokogiri (~> 1.8)

PLATFORMS
  x86_64-darwin-20

DEPENDENCIES
  capybara
  erubi (>= 1.5)
  minitest (>= 5.7.0)
  minitest-global_expectations
  minitest-hooks (>= 1.1.0)
  rack-unreloader (>= 1.8)
  rake
  refrigerator (>= 1)
  roda (>= 3.57)
  sassc (>= 2)
  sequel (>= 5.59)
  sequel-annotate
  simplecov
  tilt (>= 2.0.9)

BUNDLED WITH
   2.3.7
